GEM
  remote: http://rubygems.org/
  specs:
    commonjs (0.2.7)
    haml (4.0.3)
      tilt
    less (2.4.0)
      commonjs (~> 0.2.7)
    libv8 (3.11.8.17)
    rack (1.5.2)
    rack-protection (1.5.0)
      rack
    ref (1.0.5)
    rmagick (2.13.2)
    sinatra (1.4.3)
      rack (~> 1.4)
      rack-protection (~> 1.4)
      tilt (~> 1.3, >= 1.3.4)
    therubyracer (0.11.4)
      libv8 (~> 3.11.8.12)
      ref
    tilt (1.4.1)

PLATFORMS
  ruby

DEPENDENCIES
  haml
  less
  rmagick
  sinatra
  therubyracer
